GEM
  remote: https://rubygems.org/
  specs:
    dotenv (2.8.1)
    foreman (0.87.2)
    httparty (0.20.0)
      mime-types (~> 3.0)
      multi_xml (>= 0.5.2)
    mime-types (3.4.1)
      mime-types-data (~> 3.2015)
    mime-types-data (3.2022.0105)
    multi_json (1.15.0)
    multi_xml (0.6.0)
    mustermann (2.0.2)
      ruby2_keywords (~> 0.0.1)
    nio4r (2.5.8)
    nokogiri (1.13.8-x86_64-linux)
      racc (~> 1.4)
    puma (5.6.4)
      nio4r (~> 2.0)
    racc (1.6.0)
    rack (2.2.4)
    rack-protection (2.2.2)
      rack
    ruby2_keywords (0.0.5)
    sinatra (2.2.2)
      mustermann (~> 2.0)
      rack (~> 2.2)
      rack-protection (= 2.2.2)
      tilt (~> 2.0)
    sinatra-contrib (2.2.2)
      multi_json
      mustermann (~> 2.0)
      rack-protection (= 2.2.2)
      sinatra (= 2.2.2)
      tilt (~> 2.0)
    sinatra-cors (1.2.0)
    sinatra-strong-params (0.1.0)
      sinatra (>= 1.4.0)
    tilt (2.0.11)

PLATFORMS
  x86_64-linux

DEPENDENCIES
  dotenv
  foreman
  httparty
  nokogiri
  puma
  sinatra
  sinatra-contrib
  sinatra-cors
  sinatra-strong-params

RUBY VERSION
   ruby 3.1.2p20

BUNDLED WITH
   2.3.18
