GEM
  remote: https://rubygems.org/
  specs:
    dotenv (2.8.1)
    foreman (0.87.2)
    httparty (0.21.0)
      mini_mime (>= 1.0.0)
      multi_xml (>= 0.5.2)
    mini_mime (1.1.2)
    multi_json (1.15.0)
    multi_xml (0.6.0)
    mustermann (3.0.0)
      ruby2_keywords (~> 0.0.1)
    nio4r (2.5.9)
    nokogiri (1.14.3-x86_64-linux)
      racc (~> 1.4)
    puma (6.2.2)
      nio4r (~> 2.0)
    racc (1.6.2)
    rack (2.2.6.4)
    rack-protection (3.0.6)
      rack
    ruby2_keywords (0.0.5)
    sinatra (3.0.6)
      mustermann (~> 3.0)
      rack (~> 2.2, >= 2.2.4)
      rack-protection (= 3.0.6)
      tilt (~> 2.0)
    sinatra-contrib (3.0.6)
      multi_json
      mustermann (~> 3.0)
      rack-protection (= 3.0.6)
      sinatra (= 3.0.6)
      tilt (~> 2.0)
    sinatra-cors (1.2.0)
    sinatra-strong-params (0.1.0)
      sinatra (>= 1.4.0)
    tilt (2.1.0)

PLATFORMS
  x86_64-linux

DEPENDENCIES
  dotenv
  foreman
  httparty
  nokogiri
  puma
  sinatra
  sinatra-contrib
  sinatra-cors
  sinatra-strong-params

RUBY VERSION
   ruby 3.2.2p53

BUNDLED WITH
   2.4.12
